PATH
  remote: .
  specs:
    sql_mapper (0.0.1)
      activerecord (>= 2.3.0)

GEM
  remote: http://rubygems.org/
  specs:
    activemodel (3.2.8)
      activesupport (= 3.2.8)
      builder (~> 3.0.0)
    activerecord (3.2.8)
      activemodel (= 3.2.8)
      activesupport (= 3.2.8)
      arel (~> 3.0.2)
      tzinfo (~> 0.3.29)
    activesupport (3.2.8)
      i18n (~> 0.6)
      multi_json (~> 1.0)
    arel (3.0.2)
    builder (3.0.4)
    columnize (0.3.6)
    cucumber (1.2.1)
      builder (>= 2.1.2)
      diff-lcs (>= 1.1.3)
      gherkin (~> 2.11.0)
      json (>= 1.4.6)
    diff-lcs (1.1.3)
    gherkin (2.11.5)
      json (>= 1.4.6)
    i18n (0.6.1)
    json (1.7.5)
    linecache (0.46)
      rbx-require-relative (> 0.0.4)
    multi_json (1.3.6)
    mysql (2.8.2)
    pg (0.14.1)
    rbx-require-relative (0.0.9)
    rspec (2.11.0)
      rspec-core (~> 2.11.0)
      rspec-expectations (~> 2.11.0)
      rspec-mocks (~> 2.11.0)
    rspec-core (2.11.1)
    rspec-expectations (2.11.3)
      diff-lcs (~> 1.1.3)
    rspec-mocks (2.11.3)
    ruby-debug (0.10.4)
      columnize (>= 0.1)
      ruby-debug-base (~> 0.10.4.0)
    ruby-debug-base (0.10.4)
      linecache (>= 0.3)
    sqlite3 (1.3.6)
    tzinfo (0.3.34)

PLATFORMS
  ruby

DEPENDENCIES
  cucumber
  mysql (>= 2.8.1)
  pg (>= 0.11.0)
  rspec
  ruby-debug
  sql_mapper!
  sqlite3 (>= 1.3.4)
