PATH
  remote: .
  specs:
    sql_mapper (0.0.1)
      activerecord (>= 2.3.0)

GEM
  remote: http://rubygems.org/
  specs:
    activemodel (3.2.8)
      activesupport (= 3.2.8)
      builder (~> 3.0.0)
    activerecord (3.2.8)
      activemodel (= 3.2.8)
      activesupport (= 3.2.8)
      arel (~> 3.0.2)
      tzinfo (~> 0.3.29)
    activesupport (3.2.8)
      i18n (~> 0.6)
      multi_json (~> 1.0)
    arel (3.0.2)
    builder (3.0.4)
    i18n (0.6.1)
    multi_json (1.3.6)
    pg (0.14.1)
    sqlite3 (1.3.6)
    tzinfo (0.3.34)

PLATFORMS
  ruby

DEPENDENCIES
  pg (>= 0.11.0)
  sql_mapper!
  sqlite3 (>= 1.3.4)
